NUGET
  remote: https://nuget.org/api/v2
  specs:
    xunit (2.0.0) - framework: >= net45
      xunit.assert (2.0.0)
      xunit.core (2.0.0)
    xunit.abstractions (2.0.0) - framework: >= net45
    xunit.assert (2.0.0) - framework: >= net45
    xunit.core (2.0.0) - framework: >= net45
      xunit.extensibility.core (2.0.0)
    xunit.extensibility.core (2.0.0) - framework: >= net45
      xunit.abstractions (2.0.0)
    xunit.runner.visualstudio (2.0.0)
